GEM
  remote: https://rubygems.org/
  specs:
    uk_phone_numbers (0.1.1)

PLATFORMS
  ruby

DEPENDENCIES
  uk_phone_numbers (~> 0.1.1)

BUNDLED WITH
   1.17.3
